GEM
  remote: https://rubygems.org/
  specs:
    avro (1.12.0)
      multi_json (~> 1.0)
    avro_turf (1.19.0)
      avro (>= 1.11.3, < 1.13)
      excon (>= 0.104, < 2)
    excon (1.3.0)
      logger
    logger (1.7.0)
    multi_json (1.17.0)

PLATFORMS
  ruby
  x86_64-linux

DEPENDENCIES
  avro_turf

BUNDLED WITH
   2.6.7
